GEM
remote: https://rubygems.org/
specs:
jekyll (3.8.5)
kramdown (~> 1.14)
liquid (~> 4.0)
rouge (>= 1.7, < 4)
jekyll-feed (0.11.0)
jekyll (~> 3.3)
kramdown (1.17.0)
liquid (4.0.3)
jekyll (~> 3.3)
ffi (~> 1.0)
rouge (3.3.0)

PLATFORMS
ruby

DEPENDENCIES
jekyll (~> 3.8.5)
jekyll-feed (~> 0.6)
jekyll-paginate (~> 1.1)
minima (~> 2.0)

RUBY VERSION
ruby 2.5.1p57

BUNDLED WITH
1.16.6
