GEM
remote: https://rubygems.org/
specs:

PLATFORMS
ruby

DEPENDENCIES
jekyll (~> 3.8.5)
jekyll-feed (~> 0.6)
jekyll-paginate (~> 1.1)
minima (~> 2.0)

RUBY VERSION
ruby 2.5.1p57

BUNDLED WITH
1.16.6
